GEM
  remote: https://rubygems.org/
  specs:
    activesupport (6.0.3.3)
      concurrent-ruby (~> 1.0, >= 1.0.2)
      i18n (>= 0.7, < 2)
      minitest (~> 5.1)
      tzinfo (~> 1.1)
      zeitwerk (~> 2.2, >= 2.2.2)
    ast (2.4.1)
    byebug (11.1.3)
    colorize (0.8.1)
    concurrent-ruby (1.1.7)
    dentaku (3.3.4)
    dotenv (2.7.6)
    fast_blank (1.0.0)
    i18n (1.8.5)
      concurrent-ruby (~> 1.0)
    marky_markov (0.3.5)
      msgpack
    minitest (5.14.2)
    msgpack (1.3.3)
    parallel (1.19.2)
    parser (2.7.1.4)
      ast (~> 2.4.1)
    pg (1.2.3)
    rainbow (3.0.0)
    regexp_parser (1.7.1)
    rexml (3.2.4)
    rubocop (0.90.0)
      parallel (~> 1.10)
      parser (>= 2.7.1.1)
      rainbow (>= 2.2.2, < 4.0)
      regexp_parser (>= 1.7)
      rexml
      rubocop-ast (>= 0.3.0, < 1.0)
      ruby-progressbar (~> 1.7)
      unicode-display_width (>= 1.4.0, < 2.0)
    rubocop-ast (0.4.0)
      parser (>= 2.7.1.4)
    rubocop-performance (1.8.0)
      rubocop (>= 0.87.0)
    ruby-progressbar (1.10.1)
    sequel (5.36.0)
    thread_safe (0.3.6)
    tzinfo (1.2.7)
      thread_safe (~> 0.1)
    unicode-display_width (1.7.0)
    zeitwerk (2.4.0)

PLATFORMS
  ruby

DEPENDENCIES
  activesupport
  byebug
  colorize
  dentaku
  dotenv
  fast_blank
  i18n
  marky_markov
  pg
  rubocop
  rubocop-performance
  sequel
  zeitwerk

RUBY VERSION
   ruby 2.7.1p83

BUNDLED WITH
   2.1.4
